GEM
  remote: https://rubygems.org/
  specs:
    axiom-types (0.1.1)
      descendants_tracker (~> 0.0.4)
      ice_nine (~> 0.11.0)
      thread_safe (~> 0.3, >= 0.3.1)
    bootstrap-sass (3.2.0.2)
      sass (~> 3.2)
    chunky_png (1.3.8)
    coercible (1.0.0)
      descendants_tracker (~> 0.0.1)
    compass (1.0.3)
      chunky_png (~> 1.2)
      compass-core (~> 1.0.2)
      compass-import-once (~> 1.0.5)
      rb-fsevent (>= 0.9.3)
      rb-inotify (>= 0.9)
      sass (>= 3.3.13, < 3.5)
    compass-core (1.0.3)
      multi_json (~> 1.0)
      sass (>= 3.3.0, < 3.5)
    compass-import-once (1.0.5)
      sass (>= 3.2, < 3.5)
    cuba (3.8.1)
      rack (>= 1.6.0)
    descendants_tracker (0.0.4)
      thread_safe (~> 0.3, >= 0.3.1)
    equalizer (0.0.11)
    ffi (1.9.18-java)
    ice_nine (0.11.2)
    jar-dependencies (0.3.12)
    jbundler (0.9.3)
      bundler (~> 1.5)
      jar-dependencies (~> 0.3)
      maven-tools (~> 1.1)
      ruby-maven (~> 3.3, >= 3.3.8)
    jruby-jars (9.1.12.0)
    jruby-rack (1.1.21)
    maven-tools (1.1.6)
      virtus (~> 1.0)
    multi_json (1.12.2)
    rack (2.0.8)
    rake (12.3.0)
    rb-fsevent (0.10.2)
    rb-inotify (0.9.10)
      ffi (>= 0.5.0, < 2)
    ruby-maven (3.3.12)
      ruby-maven-libs (~> 3.3.9)
    ruby-maven-libs (3.3.9)
    rubyzip (1.2.1)
    sass (3.4.25)
    thread_safe (0.3.6-java)
    tilt (2.0.8)
    virtus (1.0.5)
      axiom-types (~> 0.1)
      coercible (~> 1.0)
      descendants_tracker (~> 0.0, >= 0.0.3)
      equalizer (~> 0.0, >= 0.0.9)
    warbler (2.0.4)
      jruby-jars (>= 9.0.0.0)
      jruby-rack (>= 1.1.1, < 1.3)
      rake (>= 10.1.0)
      rubyzip (~> 1.0, < 1.4)

PLATFORMS
  java
  ruby
  x86-mingw32

DEPENDENCIES
  bootstrap-sass (~> 3.2.0)
  compass
  cuba (~> 3.8.1)
  jar-dependencies (= 0.3.12)
  jbundler (~> 0.9.3)
  jruby-jars (= 9.1.12.0)
  rack (~> 2.0.3)
  rake
  ruby-maven
  tilt (~> 2.0.7)
  warbler (~> 2.0.3)

BUNDLED WITH
   1.16.1
